GEM
  remote: https://rubygems.org/
  specs:
    bcrypt_pbkdf (1.1.1)
    ed25519 (1.3.0)
    net-sftp (4.0.0)
      net-ssh (>= 5.0.0, < 8.0.0)
    net-ssh (7.3.0)

PLATFORMS
  ruby
  x86_64-linux

DEPENDENCIES
  bcrypt_pbkdf
  ed25519
  net-sftp
  net-ssh

BUNDLED WITH
   2.6.2
